GEM
  remote: https://rubygems.org/
  specs:

PLATFORMS
  ruby
  x86_64-linux-musl

DEPENDENCIES

BUNDLED WITH
   2.6.2
